PATH
  remote: .
  specs:
    i18n-missing_translations (0.0.2)
      i18n (>= 0.7.0)

GEM
  remote: http://rubygems.org/
  specs:
    i18n (0.8.1)
    test_declarative (0.0.4)

PLATFORMS
  ruby

DEPENDENCIES
  i18n-missing_translations!
  test_declarative

BUNDLED WITH
   1.14.5
